GEM
  remote: https://rubygems.org/
  specs:
    airbrake-ruby (6.0.1)
      rbtree3 (~> 0.5)
    ast (2.4.2)
    aws-eventstream (1.1.1)
    aws-partitions (1.489.0)
    aws-sdk-core (3.119.0)
      aws-eventstream (~> 1, >= 1.0.2)
      aws-partitions (~> 1, >= 1.239.0)
      aws-sigv4 (~> 1.1)
      jmespath (~> 1.0)
    aws-sdk-kms (1.46.0)
      aws-sdk-core (~> 3, >= 3.119.0)
      aws-sigv4 (~> 1.1)
    aws-sdk-s3 (1.99.0)
      aws-sdk-core (~> 3, >= 3.119.0)
      aws-sdk-kms (~> 1)
      aws-sigv4 (~> 1.1)
    aws-sigv4 (1.2.4)
      aws-eventstream (~> 1, >= 1.0.2)
    dotenv (2.7.6)
    jmespath (1.4.0)
    mini_magick (4.11.0)
    parallel (1.20.1)
    parser (3.0.2.0)
      ast (~> 2.4.1)
    rainbow (3.0.0)
    rbtree3 (0.6.0)
    regexp_parser (2.1.1)
    rexml (3.2.5)
    rubocop (1.19.1)
      parallel (~> 1.10)
      parser (>= 3.0.0.0)
      rainbow (>= 2.2.2, < 4.0)
      regexp_parser (>= 1.8, < 3.0)
      rexml
      rubocop-ast (>= 1.9.1, < 2.0)
      ruby-progressbar (~> 1.7)
      unicode-display_width (>= 1.4.0, < 3.0)
    rubocop-ast (1.10.0)
      parser (>= 3.0.1.1)
    ruby-progressbar (1.11.0)
    unicode-display_width (2.0.0)

PLATFORMS
  x86_64-darwin-18

DEPENDENCIES
  airbrake-ruby
  aws-sdk-s3
  dotenv
  mini_magick
  rubocop

RUBY VERSION
   ruby 3.0.2p107

BUNDLED WITH
   2.2.22
